PATH
  remote: .
  specs:
    xtdo (0.2.1)

GEM
  remote: http://rubygems.org/
  specs:
    diff-lcs (1.1.2)
    rspec (2.1.0)
      rspec-core (~> 2.1.0)
      rspec-expectations (~> 2.1.0)
      rspec-mocks (~> 2.1.0)
    rspec-core (2.1.0)
    rspec-expectations (2.1.0)
      diff-lcs (~> 1.1.2)
    rspec-mocks (2.1.0)
    timecop (0.3.5)

PLATFORMS
  ruby

DEPENDENCIES
  rspec (~> 2.1.0)
  timecop
  xtdo!
